GEM
  remote: https://rubygems.org/
  specs:
    benchmark-ips (2.7.2)
    benchmark-memory (0.1.2)
      memory_profiler (~> 0.9)
    hjson (0.1.2)
      json (>= 1.7.5)
    json (2.5.1)
    memory_profiler (0.9.8)
    oj (3.0.6)

PLATFORMS
  ruby

DEPENDENCIES
  benchmark-ips
  benchmark-memory
  hjson
  json (>= 2.3.0)
  oj

BUNDLED WITH
   1.17.3
